GEM
  remote: https://rubygems.org/
  specs:
    dotenv (2.7.5)
    redis (4.1.3)

PLATFORMS
  ruby

DEPENDENCIES
  dotenv
  redis

BUNDLED WITH
   1.17.2
